GEM
  remote: http://rubygems.org/
  specs:
    classifier (1.3.3)
      fast-stemmer (>= 1.0.0)
    directory_watcher (1.4.0)
    fast-stemmer (1.0.0)
    ffi (1.0.9)
    guard (0.4.2)
      thor (~> 0.14.6)
    haml (3.1.2)
    jekyll (0.10.0)
      classifier (>= 1.3.1)
      directory_watcher (>= 1.1.1)
      liquid (>= 1.9.0)
      maruku (>= 0.5.9)
    libnotify (0.5.5)
    liquid (2.2.2)
    maruku (0.6.0)
      syntax (>= 1.0.0)
    rb-inotify (0.8.5)
      ffi (>= 0.5.0)
    sass (3.1.2)
    syntax (1.0.0)
    thor (0.14.6)

PLATFORMS
  ruby

DEPENDENCIES
  guard
  haml
  jekyll
  libnotify
  rb-inotify
  sass
